PATH
  remote: .
  specs:
    beauty_product (0.1.0)
      nokogiri (~> 1.8, >= 1.8.2)
      phantomjs (~> 2.1, >= 2.1.1.0)
      watir (~> 6.10, >= 6.10.3)

GEM
  remote: https://rubygems.org/
  specs:
    childprocess (0.9.0)
      ffi (~> 1.0, >= 1.0.11)
    coderay (1.1.2)
    diff-lcs (1.3)
    ffi (1.9.23)
    method_source (0.9.0)
    mini_portile2 (2.3.0)
    nokogiri (1.8.2)
      mini_portile2 (~> 2.3.0)
    phantomjs (2.1.1.0)
    pry (0.11.3)
      coderay (~> 1.1.0)
      method_source (~> 0.9.0)
    rake (10.5.0)
    rspec (3.7.0)
      rspec-core (~> 3.7.0)
      rspec-expectations (~> 3.7.0)
      rspec-mocks (~> 3.7.0)
    rspec-core (3.7.1)
      rspec-support (~> 3.7.0)
    rspec-expectations (3.7.0)
      diff-lcs (>= 1.2.0, < 2.0)
      rspec-support (~> 3.7.0)
    rspec-mocks (3.7.0)
      diff-lcs (>= 1.2.0, < 2.0)
      rspec-support (~> 3.7.0)
    rspec-support (3.7.1)
    rubyzip (1.2.1)
    selenium-webdriver (3.11.0)
      childprocess (~> 0.5)
      rubyzip (~> 1.2)
    watir (6.10.3)
      selenium-webdriver (~> 3.4, >= 3.4.1)

PLATFORMS
  ruby

DEPENDENCIES
  beauty_product!
  bundler (~> 1.16)
  pry
  rake (~> 10.0)
  rspec (~> 3.0)

BUNDLED WITH
   1.16.1
